PATH
  remote: vendor/gems/maelstrom_ruby
  specs:
    maelstrom_ruby (0.0.0)

GEM
  remote: https://rubygems.org/
  specs:
    benchmark (0.4.1)

PLATFORMS
  arm64-darwin-23
  ruby

DEPENDENCIES
  benchmark
  maelstrom_ruby!

BUNDLED WITH
   2.7.1
